GEM
  remote: https://rubygems.org/
  specs:
    rake (13.0.3)

PLATFORMS
  x86_64-darwin-20
  x86_64-linux

DEPENDENCIES
  rake

BUNDLED WITH
   2.2.4
